GEM
  remote: https://rubygems.org/
  specs:
    descriptive_statistics (2.5.1)
    prettier (0.14.0)
    sorbet (0.4.4564)
      sorbet-static (= 0.4.4564)
    sorbet-runtime (0.4.4564)
    sorbet-static (0.4.4564-universal-darwin-14)

PLATFORMS
  ruby

DEPENDENCIES
  descriptive_statistics (~> 2.5)
  prettier (~> 0.14.0)
  sorbet (~> 0.4)
  sorbet-runtime (~> 0.4)

BUNDLED WITH
   1.17.3
