GEM
  remote: https://rubygems.org/
  specs:
    sorbet (0.4.4493)
      sorbet-static (= 0.4.4493)
    sorbet-runtime (0.4.4494)
    sorbet-static (0.4.4493-universal-darwin-14)

PLATFORMS
  ruby

DEPENDENCIES
  sorbet (~> 0.4)
  sorbet-runtime (~> 0.4)

BUNDLED WITH
   1.17.3
